GEM
  remote: https://rubygems.org/
  specs:
    figaro (1.1.1)
      thor (~> 0.14)
    rack (2.0.4)
    rails_12factor (0.0.3)
      rails_serve_static_assets
      rails_stdout_logging
    rails_serve_static_assets (0.0.5)
    rails_stdout_logging (0.0.5)
    thor (0.20.0)

PLATFORMS
  ruby

DEPENDENCIES
  figaro
  rack
  rails_12factor

BUNDLED WITH
   1.16.1
